GEM
  remote: https://rubygems.org/
  specs:
    abbrev (0.1.2)
    base64 (0.3.0)
    bigdecimal (3.2.2)
    csv (3.3.5)
    drb (2.2.3)
    ffi (1.17.2)
    ffi (1.17.2-aarch64-linux-gnu)
    ffi (1.17.2-aarch64-linux-musl)
    ffi (1.17.2-arm-linux-gnu)
    ffi (1.17.2-arm-linux-musl)
    ffi (1.17.2-arm64-darwin)
    ffi (1.17.2-x86-linux-gnu)
    ffi (1.17.2-x86-linux-musl)
    ffi (1.17.2-x86_64-darwin)
    ffi (1.17.2-x86_64-linux-gnu)
    ffi (1.17.2-x86_64-linux-musl)
    forwardable (1.3.3)
    getoptlong (0.2.1)
    ipaddr (1.2.7)
    logger (1.7.0)
    mustermann (2.0.2)
      ruby2_keywords (~> 0.0.1)
    mutex_m (0.3.0)
    nkf (0.2.0)
    observer (0.1.2)
    rack (2.2.17)
    rack-protection (2.2.4)
      rack
    resolv (0.6.2)
    resolv-replace (0.1.1)
      resolv
    rinda (0.2.0)
      drb
      forwardable
      ipaddr
    ruby2_keywords (0.0.5)
    sinatra (2.2.4)
      mustermann (~> 2.0)
      rack (~> 2.2)
      rack-protection (= 2.2.4)
      tilt (~> 2.0)
    syslog (0.3.0)
      logger
    tilt (2.6.1)
    webrick (1.9.1)

PLATFORMS
  aarch64-linux-gnu
  aarch64-linux-musl
  arm-linux-gnu
  arm-linux-musl
  arm64-darwin
  ruby
  x86-linux-gnu
  x86-linux-musl
  x86_64-darwin
  x86_64-linux-gnu
  x86_64-linux-musl

DEPENDENCIES
  abbrev
  base64
  bigdecimal
  csv
  drb
  ffi (~> 1.9)
  getoptlong
  mutex_m
  nkf
  observer
  resolv-replace
  rinda
  sinatra (~> 2.1)
  syslog
  webrick (~> 1.7)

BUNDLED WITH
   2.6.9
