GEM
  remote: https://rubygems.org/
  specs:
    abbrev (0.1.2)
    base64 (0.3.0)
    bigdecimal (3.2.2)
    cloud_events (0.7.1)
    csv (3.3.5)
    drb (2.2.3)
    forwardable (1.3.3)
    functions_framework (0.5.2)
      cloud_events (~> 0.1)
      puma (~> 4.3)
      rack (~> 2.1)
    getoptlong (0.2.1)
    ipaddr (1.2.7)
    logger (1.7.0)
    mutex_m (0.3.0)
    nio4r (2.7.4)
    nkf (0.2.0)
    observer (0.1.2)
    puma (4.3.12)
      nio4r (~> 2.0)
    rack (2.2.17)
    resolv (0.6.2)
    resolv-replace (0.1.1)
      resolv
    rinda (0.2.0)
      drb
      forwardable
      ipaddr
    syslog (0.3.0)
      logger
    webrick (1.9.1)

PLATFORMS
  ruby
  x86_64-linux

DEPENDENCIES
  abbrev
  base64
  bigdecimal
  csv
  drb
  functions_framework (~> 0.5.2)
  getoptlong
  mutex_m
  nkf
  observer
  resolv-replace
  rinda
  syslog
  webrick (~> 1.7)

BUNDLED WITH
   2.6.9
