GEM
  remote: https://rubygems.org/
  specs:
    abbrev (0.1.2)
    base64 (0.3.0)
    bigdecimal (3.2.2)
    csv (3.3.5)
    drb (2.2.3)
    forwardable (1.3.3)
    getoptlong (0.2.1)
    ipaddr (1.2.7)
    logger (1.7.0)
    mustermann (2.0.2)
      ruby2_keywords (~> 0.0.1)
    mutex_m (0.3.0)
    nio4r (2.7.4)
    nkf (0.2.0)
    observer (0.1.2)
    puma (5.6.9)
      nio4r (~> 2.0)
    rack (2.2.17)
    rack-protection (2.2.4)
      rack
    resolv (0.6.2)
    resolv-replace (0.1.1)
      resolv
    rinda (0.2.0)
      drb
      forwardable
      ipaddr
    ruby2_keywords (0.0.5)
    sinatra (2.2.4)
      mustermann (~> 2.0)
      rack (~> 2.2)
      rack-protection (= 2.2.4)
      tilt (~> 2.0)
    syslog (0.3.0)
      logger
    tilt (2.6.1)

PLATFORMS
  ruby
  x86_64-linux

DEPENDENCIES
  abbrev
  base64
  bigdecimal
  csv
  drb
  getoptlong
  mutex_m
  nkf
  observer
  puma (~> 5.6)
  resolv-replace
  rinda
  sinatra (~> 2.2)
  syslog

BUNDLED WITH
   2.6.9
